PATH
  remote: .
  specs:
    hokstad-filters (0.11)
      rdiscount
      syntax

GEM
  remote: https://rubygems.org/
  specs:
    diff-lcs (1.2.5)
    rake (10.3.1)
    rdiscount (2.1.7.1)
    rspec (2.14.1)
      rspec-core (~> 2.14.0)
      rspec-expectations (~> 2.14.0)
      rspec-mocks (~> 2.14.0)
    rspec-core (2.14.8)
    rspec-expectations (2.14.5)
      diff-lcs (>= 1.1.3, < 2.0)
    rspec-mocks (2.14.6)
    syntax (1.2.0)

PLATFORMS
  ruby

DEPENDENCIES
  hokstad-filters!
  rake
  rspec
